GEM
  remote: https://rubygems.org/
  specs:
    icalendar (2.4.1)
    mini_portile2 (2.3.0)
    nokogiri (1.8.2)
      mini_portile2 (~> 2.3.0)
    thread_safe (0.3.6)
    tzinfo (1.2.5)
      thread_safe (~> 0.1)

PLATFORMS
  ruby

DEPENDENCIES
  icalendar
  nokogiri
  tzinfo

BUNDLED WITH
   1.16.1
